GEM
  remote: http://rubygems.org/
  specs:
    bubble-wrap (1.4.0)
    codependency (2.0.0)
    map-kit-wrapper (0.0.5)
      codependency (= 2.0.0)
      rake
    motion-testflight (1.5)
    rake (10.3.1)

PLATFORMS
  ruby

DEPENDENCIES
  bubble-wrap (= 1.4.0)
  map-kit-wrapper (= 0.0.5)
  motion-testflight (= 1.5)
  rake
