GEM
  remote: http://rubygems.org/
  specs:
    activesupport (3.2.13)
      i18n (= 0.6.1)
      multi_json (~> 1.0)
    bubble-wrap (1.3.0)
    claide (0.3.2)
    cocoapods (0.23.0)
      activesupport (~> 3.2.13)
      claide (~> 0.3.2)
      cocoapods-core (= 0.23.0)
      cocoapods-downloader (~> 0.1.2)
      colored (~> 1.2)
      escape (~> 0.0.4)
      json (~> 1.8.0)
      open4 (~> 1.3.0)
      xcodeproj (~> 0.9.0)
    cocoapods-core (0.23.0)
      activesupport (~> 3.2.13)
      json (~> 1.8.0)
      nap (~> 0.5.1)
    cocoapods-downloader (0.1.2)
    codependency (2.0.0)
    colored (1.2)
    escape (0.0.4)
    i18n (0.6.1)
    json (1.8.0)
    map-kit-wrapper (0.0.5)
      codependency (= 2.0.0)
      rake
    motion-cocoapods (1.3.6)
      cocoapods (>= 0.17.0)
    motion-layout (0.0.1)
    motion-testflight (1.5)
    multi_json (1.7.7)
    nap (0.5.1)
    open4 (1.3.0)
    rake (10.1.0)
    xcodeproj (0.9.0)
      activesupport (~> 3.2.13)
      colored (~> 1.2)

PLATFORMS
  ruby

DEPENDENCIES
  bubble-wrap (= 1.3.0)
  map-kit-wrapper (= 0.0.5)
  motion-cocoapods (= 1.3.6)
  motion-layout (= 0.0.1)
  motion-testflight (= 1.5)
  rake (= 10.1.0)
